PATH
  remote: .
  specs:
    responsys-api (0.1.0)
      connection_pool (= 2.0.0)
      i18n (~> 0.6)
      rubyntlm (~> 0.4)
      savon (= 2.6.0)
      wasabi (= 3.3.0)

GEM
  remote: https://rubygems.org/
  specs:
    addressable (2.3.6)
    akami (1.2.2)
      gyoku (>= 0.4.0)
      nokogiri
    builder (3.2.2)
    connection_pool (2.0.0)
    crack (0.4.2)
      safe_yaml (~> 1.0.0)
    diff-lcs (1.2.5)
    gyoku (1.1.1)
      builder (>= 2.1.2)
    httpi (2.2.7)
      rack
    i18n (0.6.11)
    macaddr (1.7.1)
      systemu (~> 2.6.2)
    mime-types (1.25.1)
    mini_portile (0.6.1)
    nokogiri (1.6.5)
      mini_portile (~> 0.6.0)
    nori (2.4.0)
    rack (1.5.2)
    rake (10.3.2)
    rspec (3.0.0)
      rspec-core (~> 3.0.0)
      rspec-expectations (~> 3.0.0)
      rspec-mocks (~> 3.0.0)
    rspec-core (3.0.3)
      rspec-support (~> 3.0.0)
    rspec-expectations (3.0.3)
      diff-lcs (>= 1.2.0, < 2.0)
      rspec-support (~> 3.0.0)
    rspec-mocks (3.0.3)
      rspec-support (~> 3.0.0)
    rspec-support (3.0.3)
    rubyntlm (0.4.0)
    safe_yaml (1.0.3)
    savon (2.6.0)
      akami (~> 1.2.0)
      builder (>= 2.1.2)
      gyoku (~> 1.1.0)
      httpi (~> 2.2.3)
      nokogiri (>= 1.4.0)
      nori (~> 2.4.0)
      uuid (~> 2.3.7)
      wasabi (~> 3.3.0)
    systemu (2.6.4)
    uuid (2.3.7)
      macaddr (~> 1.0)
    vcr (2.9.2)
    wasabi (3.3.0)
      httpi (~> 2.0)
      mime-types (< 2.0.0)
      nokogiri (>= 1.4.0)
    webmock (1.18.0)
      addressable (>= 2.3.6)
      crack (>= 0.3.2)

PLATFORMS
  ruby

DEPENDENCIES
  bundler (~> 1.3)
  rake (~> 10.3)
  responsys-api!
  rspec (~> 3.0)
  vcr (~> 2.5)
  webmock (~> 1.9)
